GEM
  remote: https://rubygems.org/
  specs:
    ansi (1.5.0)
    ci-queue (0.17.2)
      ansi
    citrus (3.0.2)
    diff-lcs (1.3)
    erubis (2.7.0)
    excon (0.76.0)
    heroics (0.1.1)
      erubis (~> 2.0)
      excon
      moneta
      multi_json (>= 1.9.2)
    heroku_hatchet (7.0.0)
      excon (~> 0)
      platform-api (~> 3)
      rrrretry (~> 1)
      thor (~> 0)
      threaded (~> 0)
    json (2.3.0)
    moneta (1.0.0)
    multi_json (1.15.0)
    parallel (1.19.1)
    parallel_tests (2.32.0)
      parallel
    platform-api (3.0.0)
      heroics (~> 0.1.1)
      moneta (~> 1.0.0)
      rate_throttle_client (~> 0.1.0)
    rake (13.0.1)
    rate_throttle_client (0.1.2)
    redis (4.1.3)
    rrrretry (1.0.0)
    rspec-core (3.9.1)
      rspec-support (~> 3.9.1)
    rspec-expectations (3.9.1)
      diff-lcs (>= 1.2.0, < 2.0)
      rspec-support (~> 3.9.0)
    rspec-retry (0.6.2)
      rspec-core (> 3.3)
    rspec-support (3.9.2)
    thor (0.20.3)
    threaded (0.0.4)
    toml-rb (2.0.1)
      citrus (~> 3.0, > 3.0)

PLATFORMS
  ruby

DEPENDENCIES
  ci-queue
  excon
  heroku_hatchet
  json (~> 2.3.0)
  parallel_tests
  rake
  redis
  rspec-core
  rspec-expectations
  rspec-retry
  toml-rb

RUBY VERSION
   ruby 2.6.6p146

BUNDLED WITH
   2.1.4
