GEM
  remote: https://rubygems.org/
  specs:
    base64 (0.2.0)
    citrus (3.0.2)
    connection_pool (2.5.3)
    diff-lcs (1.6.2)
    erubis (2.7.0)
    excon (0.110.0)
    heroics (0.1.3)
      base64
      erubis (~> 2.0)
      excon
      moneta
      multi_json (>= 1.9.2)
      webrick
    heroku_hatchet (8.0.5)
      excon (< 2)
      platform-api (~> 3)
      rrrretry (~> 1)
      thor (~> 1)
      threaded (~> 0)
    json (2.12.2)
    moneta (1.0.0)
    multi_json (1.15.0)
    parallel (1.27.0)
    parallel_split_test (0.10.0)
      parallel (>= 0.5.13)
      rspec-core (>= 3.9.0)
    platform-api (3.8.0)
      heroics (~> 0.1.1)
      moneta (~> 1.0.0)
      rate_throttle_client (~> 0.1.0)
    racc (1.8.1)
    rake (13.3.0)
    rate_throttle_client (0.1.2)
    redis (5.4.0)
      redis-client (>= 0.22.0)
    redis-client (0.24.0)
      connection_pool
    rrrretry (1.0.0)
    rspec-core (3.13.5)
      rspec-support (~> 3.13.0)
    rspec-expectations (3.13.5)
      diff-lcs (>= 1.2.0, < 2.0)
      rspec-support (~> 3.13.0)
    rspec-retry (0.6.2)
      rspec-core (> 3.3)
    rspec-support (3.13.4)
    thor (1.3.2)
    threaded (0.0.4)
    toml-rb (4.0.0)
      citrus (~> 3.0, > 3.0)
      racc (~> 1.7)
    webrick (1.9.1)

PLATFORMS
  ruby

DEPENDENCIES
  excon
  heroku_hatchet
  json
  parallel_split_test
  rake
  redis
  rspec-core
  rspec-expectations
  rspec-retry
  toml-rb

RUBY VERSION
   ruby 3.3.8p144

BUNDLED WITH
   2.5.22
