GIT
  remote: https://github.com/hone/ruby-git.git
  revision: 264836fcff3c037d8d8fc44bd770b150b46fdc4e
  branch: master
  specs:
    git (1.2.6)

GIT
  remote: https://github.com/shopify/ci-queue.git
  revision: 0713fe26a8b0be6290ad109a651b7cf5b242930a
  branch: rspec-log-order
  specs:
    ci-queue (0.16.0)
      ansi

GEM
  remote: https://rubygems.org/
  specs:
    activesupport (6.0.2.2)
      concurrent-ruby (~> 1.0, >= 1.0.2)
      i18n (>= 0.7, < 2)
      minitest (~> 5.1)
      tzinfo (~> 1.1)
      zeitwerk (~> 2.2)
    ansi (1.5.0)
    citrus (3.0.2)
    concurrent-ruby (1.1.6)
    diff-lcs (1.3)
    erubis (2.7.0)
    excon (0.73.0)
    heroics (0.0.25)
      erubis (~> 2.0)
      excon
      moneta
      multi_json (>= 1.9.2)
    heroku_hatchet (5.0.1)
      excon (~> 0)
      minitest-retry (~> 0.1.9)
      platform-api (~> 2)
      repl_runner (~> 0.0.3)
      rrrretry (~> 1)
      thor (~> 0)
      threaded (~> 0)
    i18n (1.8.2)
      concurrent-ruby (~> 1.0)
    json (2.0.4)
    minitest (5.14.0)
    minitest-retry (0.1.9)
      minitest (>= 5.0)
    moneta (1.0.0)
    multi_json (1.14.1)
    netrc (0.11.0)
    parallel (1.17.0)
    parallel_tests (2.29.1)
      parallel
    platform-api (2.2.0)
      heroics (~> 0.0.25)
      moneta (~> 1.0.0)
    rake (12.3.3)
    redis (4.1.2)
    repl_runner (0.0.3)
      activesupport
    rrrretry (1.0.0)
    rspec-core (3.8.2)
      rspec-support (~> 3.8.0)
    rspec-expectations (3.8.4)
      diff-lcs (>= 1.2.0, < 2.0)
      rspec-support (~> 3.8.0)
    rspec-retry (0.6.1)
      rspec-core (> 3.3)
    rspec-support (3.8.2)
    thor (0.20.3)
    thread_safe (0.3.6)
    threaded (0.0.4)
    toml-rb (1.1.2)
      citrus (~> 3.0, > 3.0)
    tzinfo (1.2.7)
      thread_safe (~> 0.1)
    zeitwerk (2.3.0)

PLATFORMS
  ruby

DEPENDENCIES
  ci-queue!
  excon
  git!
  heroku_hatchet
  json (~> 2.0.2)
  netrc
  parallel_tests
  rake
  redis
  rspec-core
  rspec-expectations
  rspec-retry
  toml-rb

RUBY VERSION
   ruby 2.6.6p146

BUNDLED WITH
   2.1.4
