GEM
  remote: https://rubygems.org/
  specs:
    ci-queue (0.22.1)
    citrus (3.0.2)
    cutlass (0.3.0)
      docker-api (>= 2.0)
    dead_end (3.1.1)
    diff-lcs (1.5.0)
    docker-api (2.2.0)
      excon (>= 0.47.0)
      multi_json
    erubis (2.7.0)
    excon (0.91.0)
    heroics (0.1.2)
      erubis (~> 2.0)
      excon
      moneta
      multi_json (>= 1.9.2)
      webrick
    heroku_hatchet (7.3.4)
      excon (~> 0)
      platform-api (~> 3)
      rrrretry (~> 1)
      thor (~> 1)
      threaded (~> 0)
    json (2.6.1)
    moneta (1.0.0)
    multi_json (1.15.0)
    parallel (1.21.0)
    parallel_tests (3.7.3)
      parallel
    platform-api (3.3.0)
      heroics (~> 0.1.1)
      moneta (~> 1.0.0)
      rate_throttle_client (~> 0.1.0)
    rake (13.0.6)
    rate_throttle_client (0.1.2)
    redis (4.6.0)
    rrrretry (1.0.0)
    rspec-core (3.11.0)
      rspec-support (~> 3.11.0)
    rspec-expectations (3.11.0)
      diff-lcs (>= 1.2.0, < 2.0)
      rspec-support (~> 3.11.0)
    rspec-retry (0.6.2)
      rspec-core (> 3.3)
    rspec-support (3.11.0)
    thor (1.2.1)
    threaded (0.0.4)
    toml-rb (2.1.2)
      citrus (~> 3.0, > 3.0)
    webrick (1.7.0)

PLATFORMS
  ruby

DEPENDENCIES
  ci-queue
  cutlass
  dead_end
  excon
  heroku_hatchet
  json
  parallel_tests
  rake
  redis
  rspec-core
  rspec-expectations
  rspec-retry
  toml-rb

RUBY VERSION
   ruby 3.1.1p18

BUNDLED WITH
   2.3.10
