GIT
  remote: https://github.com/hone/ruby-git.git
  revision: 264836fcff3c037d8d8fc44bd770b150b46fdc4e
  branch: master
  specs:
    git (1.2.6)

GEM
  remote: https://rubygems.org/
  specs:
    activesupport (4.2.0)
      i18n (~> 0.7)
      json (~> 1.7, >= 1.7.7)
      minitest (~> 5.1)
      thread_safe (~> 0.3, >= 0.3.4)
      tzinfo (~> 1.1)
    anvil-cli (0.16.2)
      progress (~> 2.4, >= 2.4.0)
      rest-client (~> 1.6, >= 1.6.7)
      thor (~> 0.15, >= 0.15.2)
    diff-lcs (1.1.3)
    excon (0.43.0)
    heroku-api (0.3.22)
      excon (~> 0.38)
      multi_json (~> 1.8)
    heroku_hatchet (1.4.1)
      activesupport (~> 4)
      anvil-cli (~> 0)
      excon (~> 0)
      heroku-api (~> 0)
      repl_runner (~> 0.0.3)
      rrrretry (~> 1)
      thor (~> 0)
      threaded (~> 0)
    i18n (0.7.0)
    json (1.8.2)
    mime-types (2.4.3)
    minitest (5.5.1)
    multi_json (1.10.1)
    netrc (0.10.2)
    parallel (0.6.5)
    parallel_tests (0.13.1)
      parallel
    progress (2.4.0)
    rake (10.0.4)
    repl_runner (0.0.3)
      activesupport
    rest-client (1.7.2)
      mime-types (>= 1.16, < 3.0)
      netrc (~> 0.7)
    rrrretry (1.0.0)
    rspec (2.2.0)
      rspec-core (~> 2.2)
      rspec-expectations (~> 2.2)
      rspec-mocks (~> 2.2)
    rspec-core (2.13.1)
    rspec-expectations (2.12.1)
      diff-lcs (~> 1.1.3)
    rspec-mocks (2.13.1)
    rspec-retry (0.2.1)
      rspec
    thor (0.19.1)
    thread_safe (0.3.4)
    threaded (0.0.4)
    tzinfo (1.2.2)
      thread_safe (~> 0.1)

PLATFORMS
  ruby

DEPENDENCIES
  excon
  git!
  heroku_hatchet
  netrc
  parallel_tests
  rake
  rspec-core
  rspec-expectations
  rspec-retry
