GEM
  remote: https://rubygems.org/
  specs:
    base64 (0.2.0)
    ci-queue (0.55.0)
    citrus (3.0.2)
    connection_pool (2.4.1)
    dead_end (4.0.0)
    diff-lcs (1.5.0)
    erubis (2.7.0)
    excon (0.110.0)
    heroics (0.1.3)
      base64
      erubis (~> 2.0)
      excon
      moneta
      multi_json (>= 1.9.2)
      webrick
    heroku_hatchet (8.0.4)
      excon (~> 0)
      platform-api (~> 3)
      rrrretry (~> 1)
      thor (~> 1)
      threaded (~> 0)
    json (2.7.2)
    moneta (1.0.0)
    multi_json (1.15.0)
    parallel (1.25.1)
    parallel_tests (4.7.1)
      parallel
    platform-api (3.7.0)
      heroics (~> 0.1.1)
      moneta (~> 1.0.0)
      rate_throttle_client (~> 0.1.0)
    rake (13.2.1)
    rate_throttle_client (0.1.2)
    redis (5.2.0)
      redis-client (>= 0.22.0)
    redis-client (0.22.2)
      connection_pool
    rrrretry (1.0.0)
    rspec-core (3.13.0)
      rspec-support (~> 3.13.0)
    rspec-expectations (3.13.1)
      diff-lcs (>= 1.2.0, < 2.0)
      rspec-support (~> 3.13.0)
    rspec-retry (0.6.2)
      rspec-core (> 3.3)
    rspec-support (3.13.1)
    thor (1.3.1)
    threaded (0.0.4)
    toml-rb (2.2.0)
      citrus (~> 3.0, > 3.0)
    webrick (1.8.1)

PLATFORMS
  ruby

DEPENDENCIES
  ci-queue
  dead_end
  excon
  heroku_hatchet
  json
  parallel_tests
  rake
  redis
  rspec-core
  rspec-expectations
  rspec-retry
  toml-rb

RUBY VERSION
   ruby 3.1.6p260

BUNDLED WITH
   2.5.11
